GIT
  remote: git@github.com:opscode/chef-web-core
  revision: 8cbe8bfe0d721e5f9a3215ebb87b86381a77f497
  specs:
    chef-web-core (0.0.1)

GIT
  remote: https://github.com/slim-template/slim.git
  revision: 82be4b53a8b01a9ca082d7f8ed1d3a18ecd45f1d
  branch: master
  specs:
    slim (3.0.7)
      temple (>= 0.7.6, < 0.9)
      tilt (>= 1.3.3, < 2.1)

GEM
  remote: https://rubygems.org/
  specs:
    activesupport (5.0.1)
      concurrent-ruby (~> 1.0, >= 1.0.2)
      i18n (~> 0.7)
      minitest (~> 5.1)
      tzinfo (~> 1.1)
    addressable (2.5.0)
      public_suffix (~> 2.0, >= 2.0.2)
    aws-sdk (2.7.4)
      aws-sdk-resources (= 2.7.4)
    aws-sdk-core (2.7.4)
      aws-sigv4 (~> 1.0)
      jmespath (~> 1.0)
    aws-sdk-resources (2.7.4)
      aws-sdk-core (= 2.7.4)
    aws-sigv4 (1.0.0)
    backports (3.6.8)
    builder (3.2.3)
    coderay (1.1.0)
    coffee-script (2.4.1)
      coffee-script-source
      execjs
    coffee-script-source (1.12.2)
    compass-import-once (1.0.5)
      sass (>= 3.2, < 3.5)
    concurrent-ruby (1.0.4)
    contracts (0.13.0)
    diff-lcs (1.2.5)
    dotenv (2.2.0)
    erubis (2.7.0)
    execjs (2.7.0)
    fast_blank (1.0.0)
    fastimage (2.0.1)
      addressable (~> 2)
    ffi (1.9.17)
    formatador (0.2.5)
    guard (2.14.1)
      formatador (>= 0.2.4)
      listen (>= 2.7, < 4.0)
      lumberjack (~> 1.0)
      nenv (~> 0.1)
      notiffany (~> 0.0)
      pry (>= 0.9.12)
      shellany (~> 0.0)
      thor (>= 0.18.1)
    guard-compat (1.2.1)
    guard-rspec (4.7.3)
      guard (~> 2.1)
      guard-compat (~> 1.1)
      rspec (>= 2.99.0, < 4.0)
    haml (4.0.7)
      tilt
    hamster (3.0.0)
      concurrent-ruby (~> 1.0)
    hashie (3.5.1)
    htmlcompressor (0.2.0)
    i18n (0.7.0)
    jmespath (1.3.1)
    kramdown (1.13.2)
    libv8 (3.16.14.11)
    listen (3.0.8)
      rb-fsevent (~> 0.9, >= 0.9.4)
      rb-inotify (~> 0.9, >= 0.9.7)
    lumberjack (1.0.11)
    memoist (0.15.0)
    method_source (0.8.2)
    middleman (4.2.1)
      coffee-script (~> 2.2)
      compass-import-once (= 1.0.5)
      haml (>= 4.0.5)
      kramdown (~> 1.2)
      middleman-cli (= 4.2.1)
      middleman-core (= 4.2.1)
      sass (>= 3.4.0, < 4.0)
    middleman-cli (4.2.1)
      thor (>= 0.17.0, < 2.0)
    middleman-core (4.2.1)
      activesupport (>= 4.2, < 5.1)
      addressable (~> 2.3)
      backports (~> 3.6)
      bundler (~> 1.1)
      contracts (~> 0.13.0)
      dotenv
      erubis
      execjs (~> 2.0)
      fast_blank
      fastimage (~> 2.0)
      hamster (~> 3.0)
      hashie (~> 3.4)
      i18n (~> 0.7.0)
      listen (~> 3.0.0)
      memoist (~> 0.14)
      padrino-helpers (~> 0.13.0)
      parallel
      rack (>= 1.4.5, < 3)
      sass (>= 3.4)
      servolux
      tilt (~> 2.0)
      uglifier (~> 3.0)
    middleman-minify-html (3.4.1)
      htmlcompressor (~> 0.2.0)
      middleman-core (>= 3.2)
    middleman-navtree (0.1.11)
      middleman-core (>= 3.3)
      titleize (~> 1.3)
    middleman-syntax (3.0.0)
      middleman-core (>= 3.2)
      rouge (~> 2.0)
    minitest (5.10.1)
    nenv (0.3.0)
    notiffany (0.1.1)
      nenv (~> 0.1)
      shellany (~> 0.0)
    padrino-helpers (0.13.3.3)
      i18n (~> 0.6, >= 0.6.7)
      padrino-support (= 0.13.3.3)
      tilt (>= 1.4.1, < 3)
    padrino-support (0.13.3.3)
      activesupport (>= 3.1)
    parallel (1.10.0)
    pry (0.9.12.6)
      coderay (~> 1.0)
      method_source (~> 0.8)
      slop (~> 3.4)
    public_suffix (2.0.5)
    rack (2.0.1)
    rb-fsevent (0.9.8)
    rb-inotify (0.9.8)
      ffi (>= 0.5.0)
    redcarpet (3.4.0)
    ref (2.0.0)
    rouge (2.0.7)
    rspec (3.0.0)
      rspec-core (~> 3.0.0)
      rspec-expectations (~> 3.0.0)
      rspec-mocks (~> 3.0.0)
    rspec-core (3.0.0)
      rspec-support (~> 3.0.0)
    rspec-expectations (3.0.0)
      diff-lcs (>= 1.2.0, < 2.0)
      rspec-support (~> 3.0.0)
    rspec-mocks (3.0.0)
      rspec-support (~> 3.0.0)
    rspec-support (3.0.0)
    sass (3.4.23)
    servolux (0.12.0)
    shellany (0.0.1)
    slop (3.5.0)
    temple (0.8.0)
    therubyracer (0.12.2)
      libv8 (~> 3.16.14.0)
      ref
    thor (0.19.4)
    thread_safe (0.3.5)
    tilt (2.0.6)
    titleize (1.4.1)
    tzinfo (1.2.2)
      thread_safe (~> 0.1)
    uglifier (3.0.4)
      execjs (>= 0.3.0, < 3)

PLATFORMS
  ruby

DEPENDENCIES
  aws-sdk (~> 2.7.4)
  builder (~> 3.2.3)
  chef-web-core!
  guard-rspec
  middleman (~> 4.2.1)
  middleman-minify-html (~> 3.4.1)
  middleman-navtree (~> 0.1.11)
  middleman-syntax (~> 3.0.0)
  pry
  rb-fsevent (~> 0.9.8)
  redcarpet (~> 3.4.0)
  rspec
  slim!
  therubyracer (~> 0.12.2)

BUNDLED WITH
   1.14.5
